GEM
  remote: https://rubygems.org/
  specs:

RUBY VERSION
   ruby 3.4.4

PLATFORMS
  ruby

DEPENDENCIES

BUNDLED WITH
   2.6.9
